PATH
  remote: vendor/gems/admin-console
  specs:
    openshift-origin-admin-console (1.17.1)
      coffee-rails (~> 3.2.2)
      compass-rails (~> 1.0.3)
      formtastic (~> 1.2.3)
      haml (>= 3.1.7, < 4.1)
      jquery-rails (~> 2.0.2)
      net-http-persistent (>= 2.7)
      openshift-origin-common
      openshift-origin-controller
      rails (~> 3.2.8)
      sass-rails (~> 3.2.5)
      sass-twitter-bootstrap (~> 2.0.1)
      uglifier (>= 1.2.6)

PATH
  remote: vendor/gems/common
  specs:
    openshift-origin-common (1.18.2)
      activemodel
      json
      safe_yaml

PATH
  remote: vendor/gems/controller
  specs:
    openshift-origin-controller (1.19.1)
      activesupport (~> 3.2.8)
      dnsruby
      httpclient
      mongoid (>= 3.0.17)
      openshift-origin-common
      state_machine

PATH
  remote: vendor/gems/plugins/account/mongo
  specs:
    openshift-freequant-account-mongo (0.0.1)
      openshift-origin-controller
      parseconfig
      psych

PATH
  remote: vendor/gems/plugins/auth/mongo
  specs:
    openshift-origin-auth-mongo (1.15.1)
      json
      openshift-origin-controller

PATH
  remote: vendor/gems/plugins/dns/dnspod
  specs:
    openshift-origin-dns-dnspod (0.0.1)
      openshift-origin-controller

PATH
  remote: vendor/gems/plugins/dns/nsupdate
  specs:
    openshift-origin-dns-nsupdate (1.15.1)
      json
      openshift-origin-controller

PATH
  remote: vendor/gems/plugins/msg-broker
  specs:
    openshift-origin-msg-broker-mcollective (1.19.1)
      json
      openshift-origin-controller
      stomp
      systemu

GEM
  remote: http://rubygems.org/
  specs:
    actionmailer (3.2.13)
      actionpack (= 3.2.13)
      mail (~> 2.5.3)
    actionpack (3.2.13)
      activemodel (= 3.2.13)
      activesupport (= 3.2.13)
      builder (>= 3.0.0, < 3.2.0)
      erubis (~> 2.7.0)
      journey (~> 1.0.4)
      rack (~> 1.4.5)
      rack-cache (~> 1.2)
      rack-test (~> 0.6.1)
      sprockets (>= 2.2.1)
    activemodel (3.2.13)
      activesupport (= 3.2.13)
      builder (>= 3.0.0, < 3.2.0)
    activerecord (3.2.13)
      activemodel (= 3.2.13)
      activesupport (= 3.2.13)
      arel (~> 3.0.2)
      tzinfo (~> 0.3.29)
    activeresource (3.2.13)
      activemodel (= 3.2.13)
      activesupport (= 3.2.13)
    activesupport (3.2.13)
      bigdecimal
      i18n (= 0.6.1)
      multi_json (~> 1.0)
    amq-protocol (1.8.0)
    arel (3.0.2)
      bigdecimal
    bigdecimal (1.2.0)
    bson (1.6.4)
    bson_ext (1.6.4)
      bson (~> 1.6.4)
    builder (3.1.4)
    bunny (1.0.4)
      amq-protocol (>= 1.8.0)
    chunky_png (1.2.7)
    coffee-rails (3.2.2)
      coffee-script (>= 2.2.0)
      railties (~> 3.2.0)
    coffee-script (2.2.0)
      coffee-script-source
      execjs
    coffee-script-source (1.6.1)
    compass (0.12.2)
      chunky_png (~> 1.2)
      fssm (>= 0.2.7)
      sass (~> 3.1)
    compass-rails (1.0.3)
      compass (>= 0.12.2, < 0.14)
    cucumber (1.2.1)
      builder (>= 2.1.2)
      diff-lcs (>= 1.1.3)
      gherkin (~> 2.11.0)
      json (>= 1.4.6)
    diff-lcs (1.1.3)
    dnsruby (1.53)
    erubis (2.7.0)
    execjs (1.4.0)
      multi_json (~> 1.0)
    formtastic (1.2.3)
      actionpack (>= 2.3.7)
      activesupport (>= 2.3.7)
      i18n (~> 0.4)
    fssm (0.2.7)
    gherkin (2.11.6)
      json (>= 1.7.5)
    haml (3.1.7)
    hike (1.2.1)
    httpclient (2.3.2)
    i18n (0.6.1)
    journey (1.0.4)
    jquery-rails (2.0.2)
      railties (>= 3.2.0, < 5.0)
      thor (~> 0.14)
    json (1.7.7)
    json_pure (1.6.3)
    mail (2.5.3)
      i18n (>= 0.4.0)
      mime-types (~> 1.16)
      treetop (~> 1.4.8)
    mcollective-client (2.2.3)
      json
      stomp
      systemu
    metaclass (0.0.1)
    mime-types (1.19)
    minitest (4.7.0)
    mocha (0.13.1)
      metaclass (~> 0.0.1)
    mongo (1.6.4)
      bson (~> 1.6.4)
    mongoid (3.1.4)
      activemodel (~> 3.2)
      moped (> 1.4)
      origin (~> 1.0)
      tzinfo (~> 0.3.22)
    moped (1.5.0)
    multi_json (1.7.1)
    net-http-persistent (2.9)
    netrc (0.7.7)
    open4 (1.3.0)
    origin (1.1.0)
    parseconfig (1.0.2)
    polyglot (0.3.3)
    psych (2.0.0)
    rack (1.4.5)
    rack-cache (1.2)
      rack (>= 0.4)
    rack-ssl (1.3.2)
      rack
    rack-test (0.6.2)
      rack (>= 1.0)
    rails (3.2.13)
      actionmailer (= 3.2.13)
      actionpack (= 3.2.13)
      activerecord (= 3.2.13)
      activeresource (= 3.2.13)
      activesupport (= 3.2.13)
      bundler (~> 1.0)
      railties (= 3.2.13)
    railties (3.2.13)
      actionpack (= 3.2.13)
      activesupport (= 3.2.13)
      rack-ssl (~> 1.3.2)
      rake (>= 0.8.7)
      rdoc (>= 3.4)
      thor (>= 0.14.6, < 2.0)
    rake (10.0.4)
    rdoc (4.0.1)
      json (~> 1.4)
    regin (0.3.8)
    rest-client (1.6.7)
      mime-types (>= 1.16)
      netrc
    safe_yaml (0.9.4)
    sass (3.2.6)
    sass-rails (3.2.6)
      railties (~> 3.2.0)
      sass (>= 3.1.10)
      tilt (~> 1.3)
    sass-twitter-bootstrap (2.0.1)
      railties
      sass
    simplecov (0.7.1)
      multi_json (~> 1.0)
      simplecov-html (~> 0.7.1)
    simplecov-html (0.7.1)
    sprockets (2.8.2)
      hike (~> 1.2)
      multi_json (~> 1.0)
      rack (~> 1.0)
      tilt (~> 1.1, != 1.3.0)
    state_machine (1.1.2)
    stomp (1.2.8)
    systemu (2.5.2)
    thor (0.17.0)
    tilt (1.3.7)
    treetop (1.4.12)
      polyglot
      polyglot (>= 0.3.1)
    tzinfo (0.3.35)
    uglifier (1.3.0)
      execjs (>= 0.3.0)
      multi_json (~> 1.0, >= 1.0.2)
    xml-simple (1.1.2)

PLATFORMS
  ruby

DEPENDENCIES
  bson
  bson_ext
  bunny
  cucumber
  json
  json_pure
  mcollective-client (= 2.2.3)
  minitest
  mocha (~> 0.13.1)
  mongo
  mongoid
  netrc
  open4
  openshift-freequant-account-mongo!
  openshift-origin-admin-console!
  openshift-origin-auth-mongo!
  openshift-origin-common!
  openshift-origin-controller!
  openshift-origin-dns-dnspod!
  openshift-origin-dns-nsupdate!
  openshift-origin-msg-broker-mcollective!
  parseconfig (~> 1.0.2)
  psych
  rack
  rails (~> 3.2.8)
  rake (>= 0.8.7)
  regin
  rest-client (>= 1.6.1, <= 1.6.7)
  simplecov
  systemu
  xml-simple
